GEM
  remote: http://rubygems.org/
  specs:
    cantor (1.2.1)
    diff-lcs (1.3)
    docile (1.3.2)
    rake (12.3.3)
    rspec (3.8.0)
      rspec-core (~> 3.8.0)
      rspec-expectations (~> 3.8.0)
      rspec-mocks (~> 3.8.0)
    rspec-collection_matchers (1.1.3)
      rspec-expectations (>= 2.99.0.beta1)
    rspec-core (3.8.0)
      rspec-support (~> 3.8.0)
    rspec-expectations (3.8.2)
      diff-lcs (>= 1.2.0, < 2.0)
      rspec-support (~> 3.8.0)
    rspec-mocks (3.8.0)
      diff-lcs (>= 1.2.0, < 2.0)
      rspec-support (~> 3.8.0)
    rspec-support (3.8.0)
    simplecov (0.18.5)
      docile (~> 1.1)
      simplecov-html (~> 0.11)
    simplecov-html (0.12.2)
    simplecov-inline-html (0.0.1)
    term-ansicolor (1.7.1)
      tins (~> 1.0)
    tins (1.20.2)
    yard (0.9.35)

PLATFORMS
  java
  ruby

DEPENDENCIES
  cantor (~> 1.2.1)
  rake
  rspec (= 3.8.0)
  rspec-collection_matchers
  simplecov (>= 0.16.1)
  simplecov-inline-html
  term-ansicolor
  yard (~> 0.9.35)

BUNDLED WITH
   2.4.19
